GEM
  remote: http://rubygems.org/
  specs:
    daemons (1.1.4)
    diff-lcs (1.1.3)
    eventmachine (0.12.10)
    git (1.2.5)
    highline (1.6.5)
    jeweler (1.6.4)
      bundler (~> 1.0)
      git (>= 1.2.5)
      rake
    oauth (0.4.5)
    rack (1.3.5)
    rack-protection (1.1.4)
      rack
    rack-test (0.6.1)
      rack (>= 1.0)
    rake (0.9.2.2)
    rcov (0.9.11)
    rdio (0.0.91)
      oauth (>= 0.3.0)
    robut (0.3.0)
      xmpp4r (~> 0.5.0)
    rspec (2.3.0)
      rspec-core (~> 2.3.0)
      rspec-expectations (~> 2.3.0)
      rspec-mocks (~> 2.3.0)
    rspec-core (2.3.1)
    rspec-expectations (2.3.0)
      diff-lcs (~> 1.1.2)
    rspec-mocks (2.3.0)
    sinatra (1.3.1)
      rack (~> 1.3, >= 1.3.4)
      rack-protection (~> 1.1, >= 1.1.2)
      tilt (~> 1.3, >= 1.3.3)
    thin (1.2.11)
      daemons (>= 1.0.9)
      eventmachine (>= 0.12.6)
      rack (>= 1.0.0)
    tilt (1.3.3)
    xmpp4r (0.5)

PLATFORMS
  ruby

DEPENDENCIES
  bundler (~> 1.0.0)
  highline
  jeweler (~> 1.6.4)
  rack-test
  rcov
  rdio (= 0.0.91)
  robut
  rspec (~> 2.3.0)
  sinatra
  thin
